GEM
  remote: https://rubygems.org/
  specs:
    git (1.3.0)
    thor (0.19.1)

PLATFORMS
  ruby

DEPENDENCIES
  git (~> 1.3)
  thor

BUNDLED WITH
   1.11.2
